PATH
  remote: .
  specs:
    simple_console (0.0.1)
      logger
      paint

GEM
  remote: https://rubygems.org/
  specs:
    ansi (1.4.3)
    logger (1.2.8)
    minitest (4.6.2)
    paint (0.8.5)
    rake (10.0.3)
    turn (0.9.6)
      ansi

PLATFORMS
  ruby

DEPENDENCIES
  minitest
  rake
  simple_console!
  turn
